GEM
  remote: http://rubygems.org/
  specs:
    eventmachine (0.12.8)

PLATFORMS
  ruby

DEPENDENCIES
  eventmachine (= 0.12.8)
